GEM
  remote: https://rubygems.org/
  specs:
    fiddle (1.1.8)
    mitie (0.3.2)
      fiddle

PLATFORMS
  arm64-darwin-24
  ruby

DEPENDENCIES
  mitie (~> 0.3.2)

BUNDLED WITH
   2.6.9
